PATH
  remote: .
  specs:
    active-fedora (3.0.7)
      activeresource (~> 3.0.0)
      activesupport (~> 3.0.0)
      equivalent-xml
      facets
      mediashelf-loggable
      mime-types (>= 1.16)
      multipart-post (= 1.1.2)
      nokogiri
      om (>= 1.4.3)
      solr-ruby (>= 0.0.6)
      solrizer (> 1.0.0)
      xml-simple (>= 1.0.12)

GEM
  remote: http://rubygems.org/
  specs:
    RedCloth (4.2.8)
    activemodel (3.0.10)
      activesupport (= 3.0.10)
      builder (~> 2.1.2)
      i18n (~> 0.5.0)
    activeresource (3.0.10)
      activemodel (= 3.0.10)
      activesupport (= 3.0.10)
    activesupport (3.0.10)
    builder (2.1.2)
    childprocess (0.2.2)
      ffi (~> 1.0.6)
    columnize (0.3.4)
    daemons (1.1.4)
    equivalent-xml (0.2.8)
      nokogiri (>= 1.4.3)
    facets (2.9.2)
    fastercsv (1.5.4)
    ffi (1.0.9)
    i18n (0.5.0)
    jettywrapper (1.0.1)
      activesupport (>= 3.0.0)
      childprocess
      i18n
      logger
      mediashelf-loggable
    linecache (0.46)
      rbx-require-relative (> 0.0.4)
    logger (1.2.8)
    mediashelf-loggable (0.4.7)
    metaclass (0.0.1)
    mime-types (1.16)
    mocha (0.10.0)
      metaclass (~> 0.0.1)
    multipart-post (1.1.2)
    nokogiri (1.5.0)
    om (1.4.3)
      mediashelf-loggable
      nokogiri (>= 1.4.2)
    rake (0.9.2)
    rbx-require-relative (0.0.5)
    rcov (0.9.11)
    rsolr (1.0.2)
      builder (>= 2.1.2)
    rspec (1.3.2)
    ruby-debug (0.10.4)
      columnize (>= 0.1)
      ruby-debug-base (~> 0.10.4.0)
    ruby-debug-base (0.10.4)
      linecache (>= 0.3)
    solr-ruby (0.0.8)
    solrizer (1.1.2)
      daemons
      mediashelf-loggable
      nokogiri
      om (>= 1.4.0)
      stomp
      xml-simple
    solrizer-fedora (1.1.3)
      active-fedora (>= 2.3.0)
      fastercsv
      rsolr
      solr-ruby (>= 0.0.6)
      solrizer (>= 1.0.0)
    stomp (1.1.9)
    xml-simple (1.1.1)
    yard (0.7.3)

PLATFORMS
  ruby

DEPENDENCIES
  RedCloth
  active-fedora!
  jettywrapper
  mocha (>= 0.9.8)
  rake
  rcov
  rspec (< 2.0.0)
  ruby-debug
  solrizer-fedora
  yard
