PATH
  remote: .
  specs:
    active-fedora (3.3.2)
      activeresource (>= 3.0.0)
      activesupport (>= 3.0.0)
      equivalent-xml
      mediashelf-loggable
      mime-types (>= 1.16)
      multipart-post (= 1.1.2)
      nokogiri
      om (>= 1.5.1)
      rdf
      rdf-rdfxml
      rubydora (~> 0.5.4)
      solr-ruby (>= 0.0.6)
      solrizer (~> 1.2.0)
      xml-simple (>= 1.0.12)

GEM
  remote: http://rubygems.org/
  specs:
    RedCloth (4.2.9)
    activemodel (3.2.1)
      activesupport (= 3.2.1)
      builder (~> 3.0.0)
    activeresource (3.2.1)
      activemodel (= 3.2.1)
      activesupport (= 3.2.1)
    activesupport (3.2.1)
      i18n (~> 0.6)
      multi_json (~> 1.0)
    addressable (2.2.7)
    akami (1.0.0)
      gyoku (>= 0.4.0)
    builder (3.0.0)
    childprocess (0.3.0)
      ffi (~> 1.0.6)
    daemons (1.1.6)
    diff-lcs (1.1.3)
    equivalent-xml (0.2.9)
      nokogiri (>= 1.4.3)
    fastercsv (1.5.4)
    ffi (1.0.11)
    gyoku (0.4.4)
      builder (>= 2.1.2)
    httpi (0.9.6)
      rack
    i18n (0.6.0)
    jettywrapper (1.2.1)
      activesupport (>= 3.0.0)
      childprocess
      i18n
      logger
      mediashelf-loggable
    logger (1.2.8)
    mediashelf-loggable (0.4.9)
    metaclass (0.0.1)
    mime-types (1.17.2)
    mocha (0.10.3)
      metaclass (~> 0.0.1)
    multi_json (1.0.4)
    multipart-post (1.1.2)
    nokogiri (1.5.0)
    nori (1.1.0)
    om (1.5.1)
      mediashelf-loggable
      nokogiri (>= 1.4.2)
    rack (1.4.1)
    rake (0.9.2.2)
    rdf (0.3.5)
      addressable (>= 2.2.6)
    rdf-rdfxml (0.3.5)
      nokogiri (>= 1.4.4)
      rdf (>= 0.3.4)
    rest-client (1.6.7)
      mime-types (>= 1.16)
    rsolr (1.0.6)
      builder (>= 2.1.2)
    rspec (2.8.0)
      rspec-core (~> 2.8.0)
      rspec-expectations (~> 2.8.0)
      rspec-mocks (~> 2.8.0)
    rspec-core (2.8.0)
    rspec-expectations (2.8.0)
      diff-lcs (~> 1.1.2)
    rspec-mocks (2.8.0)
    rubydora (0.5.4)
      activemodel
      activesupport
      fastercsv
      mime-types
      nokogiri
      rest-client
      savon
    savon (0.9.9)
      akami (~> 1.0)
      builder (>= 2.1.2)
      gyoku (>= 0.4.0)
      httpi (~> 0.9)
      nokogiri (>= 1.4.0)
      nori (~> 1.1)
      wasabi (~> 2.1)
    solr-ruby (0.0.8)
    solrizer (1.2.0)
      daemons
      mediashelf-loggable (~> 0.4.7)
      nokogiri
      om (>= 1.5.0)
      stomp
      xml-simple
    solrizer-fedora (1.2.5)
      active-fedora (>= 3.2.0)
      activesupport (>= 3.0.11)
      fastercsv
      rsolr (= 1.0.6)
      solr-ruby (>= 0.0.6)
      solrizer (>= 1.0.0)
    stomp (1.2.0)
    wasabi (2.1.0)
      nokogiri (>= 1.4.0)
    xml-simple (1.1.1)
    yard (0.7.4)

PLATFORMS
  ruby

DEPENDENCIES
  RedCloth
  active-fedora!
  jettywrapper (>= 1.2.0)
  mocha (>= 0.9.8)
  rake
  rspec (~> 2.0)
  solrizer-fedora (~> 1.2.5)
  yard
