GEM
  remote: http://rubygems.org/
  specs:
    activemodel (3.0.5)
      activesupport (= 3.0.5)
      builder (~> 2.1.2)
      i18n (~> 0.4)
    activeresource (3.0.5)
      activemodel (= 3.0.5)
      activesupport (= 3.0.5)
    activesupport (3.0.5)
    builder (2.1.2)
    columnize (0.3.2)
    equivalent-xml (0.1.6)
      nokogiri
    facets (2.9.1)
    git (1.2.5)
    i18n (0.5.0)
    jeweler (1.5.2)
      bundler (~> 1.0.0)
      git (>= 1.2.5)
      rake
    linecache (0.43)
    mediashelf-loggable (0.4.0)
    mime-types (1.16)
    mocha (0.9.12)
    multipart-post (1.1.0)
    nokogiri (1.4.4)
    om (1.1.1)
      facets
      facets
      nokogiri
      nokogiri (>= 1.4.2)
    rake (0.8.7)
    rspec (1.3.1)
    ruby-debug (0.10.4)
      columnize (>= 0.1)
      ruby-debug-base (~> 0.10.4.0)
    ruby-debug-base (0.10.4)
      linecache (>= 0.3)
    solr-ruby (0.0.8)
    solrizer (1.0.1)
      mediashelf-loggable
      mediashelf-loggable
      nokogiri
      nokogiri
      nokogiri
      om
      om (>= 1.0.0)
      xml-simple
    xml-simple (1.0.14)

PLATFORMS
  ruby

DEPENDENCIES
  activeresource
  equivalent-xml
  jeweler
  mediashelf-loggable
  mime-types (>= 1.16)
  mocha (>= 0.9.8)
  multipart-post
  nokogiri
  om (>= 1.0)
  rspec (< 2.0.0)
  ruby-debug
  solr-ruby (>= 0.0.6)
  solrizer (>= 1.0.0, < 2.0.0)
  xml-simple (>= 1.0.12)
